PATH
  remote: /home/bradleyd/Code/ruby/wameku/wameku_plugin
  specs:
    wameku_plugin (0.0.1)

GEM
  remote: https://rubygems.org/
  specs:
    activesupport (3.2.13)
      i18n (= 0.6.1)
      multi_json (~> 1.0)
    ffi (1.6.0)
    i18n (0.6.1)
    metaclass (0.0.1)
    mocha (0.13.3)
      metaclass (~> 0.0.1)
    multi_json (1.7.2)
    rake (10.0.3)
    sys-cpu (0.7.0)
      ffi (>= 1.0.0)
    sys-host (0.6.2)
    test-unit (2.5.4)

PLATFORMS
  ruby

DEPENDENCIES
  activesupport
  mocha
  rake
  sys-cpu
  sys-host
  test-unit
  wameku_plugin!
